GEM
  remote: https://rubygems.org/
  specs:
    activesupport (6.0.2.2)
      concurrent-ruby (~> 1.0, >= 1.0.2)
      i18n (>= 0.7, < 2)
      minitest (~> 5.1)
      tzinfo (~> 1.1)
      zeitwerk (~> 2.2)
    ast (2.4.0)
    childprocess (3.0.0)
    code_analyzer (0.5.1)
      sexp_processor
    colorize (0.8.1)
    concurrent-ruby (1.1.6)
    erubis (2.7.0)
    fasterer (0.8.2)
      colorize (~> 0.7)
      ruby_parser (>= 3.14.1)
    i18n (1.8.2)
      concurrent-ruby (~> 1.0)
    iniparse (1.5.0)
    jaro_winkler (1.5.4)
    json (2.3.0)
    minitest (5.14.0)
    overcommit (0.52.1)
      childprocess (>= 0.6.3, < 4)
      iniparse (~> 1.4)
    parallel (1.19.1)
    parser (2.7.0.5)
      ast (~> 2.4.0)
    rails_best_practices (1.20.0)
      activesupport
      code_analyzer (>= 0.5.1)
      erubis
      i18n
      json
      require_all (~> 3.0)
      ruby-progressbar
    rainbow (3.0.0)
    require_all (3.0.0)
    rexml (3.2.4)
    rubocop (0.80.1)
      jaro_winkler (~> 1.5.1)
      parallel (~> 1.10)
      parser (>= 2.7.0.1)
      rainbow (>= 2.2.2, < 4.0)
      rexml
      ruby-progressbar (~> 1.7)
      unicode-display_width (>= 1.4.0, < 1.7)
    ruby-progressbar (1.10.1)
    ruby_parser (3.14.2)
      sexp_processor (~> 4.9)
    sexp_processor (4.14.1)
    thread_safe (0.3.6)
    tzinfo (1.2.6)
      thread_safe (~> 0.1)
    unicode-display_width (1.6.1)
    zeitwerk (2.3.0)

PLATFORMS
  ruby

DEPENDENCIES
  fasterer
  overcommit
  rails_best_practices
  rubocop

RUBY VERSION
   ruby 2.6.0p0

BUNDLED WITH
   2.1.4
